GEM
  remote: https://rubygems.org/
  specs:
    forty_two (42)

PLATFORMS
  x86_64-linux

DEPENDENCIES
  forty_two

BUNDLED WITH
   2.2.32
