GEM
  remote: https://rubygems.org/
  specs:
    FortyTwo (0.0.2)

PLATFORMS
  x86_64-linux

DEPENDENCIES
  FortyTwo

BUNDLED WITH
   2.2.32
