GIT
  remote: https://github.com/KateHaman/HTMLSaver
  revision: 3ddcabb008ed5b0cd05ca6c799993bc502d449f1
  branch: main
  specs:
    HTMLSaver (0.0.1)
      sanitize

GEM
  specs:
    crass (1.0.6)
    nokogiri (1.12.5-x86_64-linux)
      racc (~> 1.4)
    racc (1.6.0)
    sanitize (6.0.0)
      crass (~> 1.0.2)
      nokogiri (>= 1.12.0)

PLATFORMS
  x86_64-linux

DEPENDENCIES
  HTMLSaver!

BUNDLED WITH
   2.2.3
