GIT
  remote: https://github.com/KateHaman/html_saver
  revision: d56fe163724a9eeae284def130a3202d1a133e07
  branch: main
  specs:
    html_saver (0.0.1)
      sanitize

GEM
  specs:
    crass (1.0.6)
    nokogiri (1.12.5-x86_64-linux)
      racc (~> 1.4)
    racc (1.6.0)
    sanitize (6.0.0)
      crass (~> 1.0.2)
      nokogiri (>= 1.12.0)

PLATFORMS
  x86_64-linux

DEPENDENCIES
  html_saver!

BUNDLED WITH
   2.2.32
